GEM
  remote: https://rubygems.org/
  specs:
    concurrent-ruby (1.1.10)
    diff-lcs (1.5.0)
    dry-auto_inject (0.9.0)
      dry-container (>= 0.3.4)
    dry-cli (0.7.0)
    dry-configurable (0.16.1)
      dry-core (~> 0.6)
      zeitwerk (~> 2.6)
    dry-container (0.11.0)
      concurrent-ruby (~> 1.0)
    dry-core (0.9.1)
      concurrent-ruby (~> 1.0)
      zeitwerk (~> 2.6)
    dry-events (0.4.0)
      concurrent-ruby (~> 1.0)
      dry-core (~> 0.9, >= 0.9)
    dry-files (0.3.0)
    dry-inflector (0.3.0)
    dry-logic (1.3.0)
      concurrent-ruby (~> 1.0)
      dry-core (~> 0.9, >= 0.9)
      zeitwerk (~> 2.6)
    dry-monitor (0.7.0)
      dry-configurable (~> 0.16, >= 0.16.0)
      dry-core (~> 0.9, >= 0.9)
      dry-events (~> 0.4, >= 0.4.0)
    dry-system (0.27.2)
      dry-auto_inject (>= 0.4.0)
      dry-configurable (~> 0.16, >= 0.16.0)
      dry-container (~> 0.10, >= 0.10.0)
      dry-core (~> 0.9, >= 0.9.0)
      dry-inflector (~> 0.1, >= 0.1.2)
      zeitwerk (~> 2.6)
    dry-transformer (0.1.1)
    dry-types (1.6.1)
      concurrent-ruby (~> 1.0)
      dry-container (~> 0.3)
      dry-core (~> 0.9, >= 0.9)
      dry-inflector (~> 0.1, >= 0.1.2)
      dry-logic (~> 1.3, >= 1.3)
      zeitwerk (~> 2.6)
    hanami (2.0.0.beta4)
      bundler (>= 1.16, < 3)
      dry-configurable (~> 0.16, >= 0.16.1)
      dry-core (~> 0.9, >= 0.9.1)
      dry-inflector (~> 0.2, >= 0.2.1)
      dry-monitor (~> 0.7, >= 0.7)
      dry-system (~> 0.27, >= 0.27.2)
      hanami-cli (~> 2.0.beta)
      hanami-utils (~> 2.0.beta)
      zeitwerk (~> 2.6)
    hanami-cli (2.0.0.beta4)
      bundler (~> 2.1)
      dry-cli (~> 0.7)
      dry-files (~> 0.3, >= 0.3.0)
      dry-inflector (~> 0.2)
      rake (~> 13.0)
    hanami-controller (2.0.0.beta4)
      dry-configurable (~> 0.13, >= 0.13.0)
      hanami-utils (~> 2.0.beta)
      rack (~> 2.0)
    hanami-router (2.0.0.beta4)
      mustermann (~> 1.0)
      mustermann-contrib (~> 1.0)
      rack (~> 2.0)
    hanami-rspec (3.11.0.beta4)
      hanami-cli (~> 2.0.0.beta)
      rake (~> 13.0)
      rspec (~> 3.11)
    hanami-utils (2.0.0.beta1)
      concurrent-ruby (~> 1.0)
      dry-transformer (~> 0.1)
    hansi (0.2.1)
    mustermann (1.1.2)
      ruby2_keywords (~> 0.0.1)
    mustermann-contrib (1.1.2)
      hansi (~> 0.2.0)
      mustermann (= 1.1.2)
    nio4r (2.5.8)
    phlex (0.4.0)
      syntax_tree (~> 3.6)
      zeitwerk (~> 2.6)
    prettier_print (1.0.2)
    puma (6.0.0)
      nio4r (~> 2.0)
    rack (2.2.4)
    rack-test (2.0.2)
      rack (>= 1.3)
    rake (13.0.6)
    rspec (3.12.0)
      rspec-core (~> 3.12.0)
      rspec-expectations (~> 3.12.0)
      rspec-mocks (~> 3.12.0)
    rspec-core (3.12.0)
      rspec-support (~> 3.12.0)
    rspec-expectations (3.12.0)
      diff-lcs (>= 1.2.0, < 2.0)
      rspec-support (~> 3.12.0)
    rspec-mocks (3.12.0)
      diff-lcs (>= 1.2.0, < 2.0)
      rspec-support (~> 3.12.0)
    rspec-support (3.12.0)
    ruby2_keywords (0.0.5)
    syntax_tree (3.6.3)
      prettier_print
    zeitwerk (2.6.1)

PLATFORMS
  x86_64-linux

DEPENDENCIES
  dry-types (~> 1.6)
  hanami (~> 2.0.0.beta)
  hanami-controller (~> 2.0.0.beta)
  hanami-router (~> 2.0.0.beta)
  hanami-rspec
  phlex
  puma
  rack-test
  rake

BUNDLED WITH
   2.3.24
