GIT
  remote: https://github.com/dry-rb/dry-transformer.git
  revision: caf213b263642c624ff95c2854a8bfa37c69e949
  specs:
    dry-transformer (0.1.2)

GIT
  remote: https://github.com/rom-rb/rom-sql.git
  revision: 8fd3b3f3f05215e6eabc9ea23fa514b61a897b3b
  specs:
    rom-sql (4.0.0.alpha1)
      dry-core (~> 1.0)
      dry-types (~> 1.7)
      rom (~> 6.0.0.alpha)
      sequel (>= 5)

GIT
  remote: https://github.com/rom-rb/rom.git
  revision: c433f03873fad3c0bae9b625a71a92617c24149e
  specs:
    rom (6.0.0.alpha1)
      concurrent-ruby (~> 1.1)
      dry-core (>= 1.0.0.rc1, < 2)
      dry-effects (~> 0.4)
      dry-inflector (>= 1.0.0.rc1, < 2)
      dry-initializer (~> 3.1)
      dry-struct (~> 1.4)
      dry-transformer (~> 0.1, >= 0.1.2)
      dry-types (~> 1.5)
      zeitwerk (~> 2.6)

GEM
  remote: https://rubygems.org/
  specs:
    ast (2.4.2)
    coderay (1.1.3)
    concurrent-ruby (1.1.10)
    diff-lcs (1.5.0)
    dotenv (2.8.1)
    dry-auto_inject (1.0.0.rc1)
      dry-core (~> 1.0, < 2)
      zeitwerk (~> 2.6)
    dry-cli (1.0.0)
    dry-configurable (1.0.0)
      dry-core (~> 1.0, < 2)
      zeitwerk (~> 2.6)
    dry-core (1.0.0)
      concurrent-ruby (~> 1.0)
      zeitwerk (~> 2.6)
    dry-effects (0.4.0)
      concurrent-ruby (~> 1.0)
      dry-core (~> 1.0)
      dry-inflector (~> 1.0)
      dry-initializer (~> 3.0)
      zeitwerk (~> 2.6)
    dry-events (1.0.0)
      concurrent-ruby (~> 1.0)
      dry-core (~> 1.0, < 2)
    dry-files (1.0.0)
    dry-inflector (1.0.0)
    dry-initializer (3.1.1)
    dry-logger (1.0.0.rc2)
    dry-logic (1.4.0)
      concurrent-ruby (~> 1.0)
      dry-core (~> 1.0, < 2)
      zeitwerk (~> 2.6)
    dry-monitor (1.0.0)
      dry-configurable (~> 1.0, < 2)
      dry-core (~> 1.0, < 2)
      dry-events (~> 1.0, < 2)
    dry-struct (1.6.0)
      dry-core (~> 1.0, < 2)
      dry-types (>= 1.7, < 2)
      ice_nine (~> 0.11)
      zeitwerk (~> 2.6)
    dry-system (1.0.0.rc1)
      dry-auto_inject (~> 1.0.0.rc1, < 2)
      dry-configurable (~> 1.0, < 2)
      dry-core (~> 1.0, < 2)
      dry-inflector (~> 1.0, < 2)
    dry-types (1.7.0)
      concurrent-ruby (~> 1.0)
      dry-core (~> 1.0, < 2)
      dry-inflector (~> 1.0, < 2)
      dry-logic (>= 1.4, < 2)
      zeitwerk (~> 2.6)
    ffi (1.15.5)
    formatador (1.1.0)
    guard (2.18.0)
      formatador (>= 0.2.4)
      listen (>= 2.7, < 4.0)
      lumberjack (>= 1.0.12, < 2.0)
      nenv (~> 0.1)
      notiffany (~> 0.0)
      pry (>= 0.13.0)
      shellany (~> 0.0)
      thor (>= 0.18.1)
    guard-compat (1.2.1)
    guard-puma (0.8.0)
      guard (~> 2.14)
      guard-compat (~> 1.2)
      puma (>= 4.0, < 7)
    hanami (2.0.0.rc1)
      bundler (>= 1.16, < 3)
      dry-configurable (~> 1.0, < 2)
      dry-core (~> 1.0, < 2)
      dry-inflector (~> 1.0, < 2)
      dry-logger (~> 1.0.rc)
      dry-monitor (~> 1.0, < 2)
      dry-system (~> 1.0.rc)
      hanami-cli (~> 2.0.rc)
      hanami-utils (~> 2.0.rc)
      zeitwerk (~> 2.6)
    hanami-cli (2.0.0.rc1)
      bundler (~> 2.1)
      dry-cli (~> 1.0, < 2)
      dry-files (~> 1.0, < 2)
      dry-inflector (~> 1.0, < 2)
      rake (~> 13.0)
    hanami-controller (2.0.0.rc1)
      dry-configurable (~> 1.0, < 2)
      hanami-utils (~> 2.0.0.rc1)
      rack (~> 2.0)
    hanami-reloader (2.0.0.rc1)
      hanami-cli (~> 2.0.rc)
    hanami-router (2.0.0.rc1)
      mustermann (~> 1.0)
      mustermann-contrib (~> 1.0)
      rack (~> 2.0)
    hanami-rspec (3.11.0.beta4)
      hanami-cli (~> 2.0.0.beta)
      rake (~> 13.0)
      rspec (~> 3.11)
    hanami-utils (2.0.0.rc1)
      concurrent-ruby (~> 1.0)
      dry-transformer (~> 0.1)
    hansi (0.2.1)
    ice_nine (0.11.2)
    json (2.6.2)
    listen (3.7.1)
      rb-fsevent (~> 0.10, >= 0.10.3)
      rb-inotify (~> 0.9, >= 0.9.10)
    lumberjack (1.2.8)
    method_source (1.0.0)
    mustermann (1.1.2)
      ruby2_keywords (~> 0.0.1)
    mustermann-contrib (1.1.2)
      hansi (~> 0.2.0)
      mustermann (= 1.1.2)
    nenv (0.3.0)
    nio4r (2.5.8)
    notiffany (0.1.3)
      nenv (~> 0.1)
      shellany (~> 0.0)
    parallel (1.22.1)
    parser (3.1.2.1)
      ast (~> 2.4.1)
    pg (1.4.4)
    phlex (0.4.0)
      syntax_tree (~> 3.6)
      zeitwerk (~> 2.6)
    prettier_print (1.0.2)
    pry (0.14.1)
      coderay (~> 1.1)
      method_source (~> 1.0)
    puma (6.0.0)
      nio4r (~> 2.0)
    rack (2.2.4)
    rack-test (2.0.2)
      rack (>= 1.3)
    rainbow (3.1.1)
    rake (13.0.6)
    rb-fsevent (0.11.2)
    rb-inotify (0.10.1)
      ffi (~> 1.0)
    regexp_parser (2.6.0)
    rexml (3.2.5)
    rspec (3.12.0)
      rspec-core (~> 3.12.0)
      rspec-expectations (~> 3.12.0)
      rspec-mocks (~> 3.12.0)
    rspec-core (3.12.0)
      rspec-support (~> 3.12.0)
    rspec-expectations (3.12.0)
      diff-lcs (>= 1.2.0, < 2.0)
      rspec-support (~> 3.12.0)
    rspec-mocks (3.12.0)
      diff-lcs (>= 1.2.0, < 2.0)
      rspec-support (~> 3.12.0)
    rspec-support (3.12.0)
    rubocop (1.35.1)
      json (~> 2.3)
      parallel (~> 1.10)
      parser (>= 3.1.2.1)
      rainbow (>= 2.2.2, < 4.0)
      regexp_parser (>= 1.8, < 3.0)
      rexml (>= 3.2.5, < 4.0)
      rubocop-ast (>= 1.20.1, < 2.0)
      ruby-progressbar (~> 1.7)
      unicode-display_width (>= 1.4.0, < 3.0)
    rubocop-ast (1.23.0)
      parser (>= 3.1.1.0)
    rubocop-performance (1.14.3)
      rubocop (>= 1.7.0, < 2.0)
      rubocop-ast (>= 0.4.0)
    ruby-progressbar (1.11.0)
    ruby2_keywords (0.0.5)
    sequel (5.62.0)
    shellany (0.0.1)
    standard (1.16.1)
      rubocop (= 1.35.1)
      rubocop-performance (= 1.14.3)
    syntax_tree (3.6.3)
      prettier_print
    thor (1.2.1)
    unicode-display_width (2.3.0)
    zeitwerk (2.6.1)

PLATFORMS
  x86_64-linux

DEPENDENCIES
  dotenv (~> 2.7)
  dry-transformer!
  dry-types (~> 1.6)
  guard-puma
  hanami (~> 2.0.0.rc)
  hanami-controller (~> 2.0.0.rc)
  hanami-reloader
  hanami-router (~> 2.0.0.rc)
  hanami-rspec
  pg
  phlex
  puma
  rack-test
  rake
  rom!
  rom-sql!
  standard

BUNDLED WITH
   2.3.24
