GEM
  remote: https://rubygems.org/
  specs:
    coderay (1.1.3)
    concurrent-ruby (1.1.10)
    diff-lcs (1.5.0)
    dotenv (2.8.1)
    dry-auto_inject (0.9.0)
      dry-container (>= 0.3.4)
    dry-cli (0.7.0)
    dry-configurable (0.16.1)
      dry-core (~> 0.6)
      zeitwerk (~> 2.6)
    dry-container (0.11.0)
      concurrent-ruby (~> 1.0)
    dry-core (0.9.1)
      concurrent-ruby (~> 1.0)
      zeitwerk (~> 2.6)
    dry-equalizer (0.3.0)
    dry-events (0.4.0)
      concurrent-ruby (~> 1.0)
      dry-core (~> 0.9, >= 0.9)
    dry-files (0.3.0)
    dry-inflector (0.3.0)
    dry-initializer (3.1.1)
    dry-logic (1.3.0)
      concurrent-ruby (~> 1.0)
      dry-core (~> 0.9, >= 0.9)
      zeitwerk (~> 2.6)
    dry-monitor (0.7.0)
      dry-configurable (~> 0.16, >= 0.16.0)
      dry-core (~> 0.9, >= 0.9)
      dry-events (~> 0.4, >= 0.4.0)
    dry-struct (1.5.2)
      dry-core (~> 0.9, >= 0.9)
      dry-types (~> 1.6)
      ice_nine (~> 0.11)
      zeitwerk (~> 2.6)
    dry-system (0.27.2)
      dry-auto_inject (>= 0.4.0)
      dry-configurable (~> 0.16, >= 0.16.0)
      dry-container (~> 0.10, >= 0.10.0)
      dry-core (~> 0.9, >= 0.9.0)
      dry-inflector (~> 0.1, >= 0.1.2)
      zeitwerk (~> 2.6)
    dry-transformer (0.1.1)
    dry-types (1.6.1)
      concurrent-ruby (~> 1.0)
      dry-container (~> 0.3)
      dry-core (~> 0.9, >= 0.9)
      dry-inflector (~> 0.1, >= 0.1.2)
      dry-logic (~> 1.3, >= 1.3)
      zeitwerk (~> 2.6)
    ffi (1.15.5)
    formatador (1.1.0)
    guard (2.18.0)
      formatador (>= 0.2.4)
      listen (>= 2.7, < 4.0)
      lumberjack (>= 1.0.12, < 2.0)
      nenv (~> 0.1)
      notiffany (~> 0.0)
      pry (>= 0.13.0)
      shellany (~> 0.0)
      thor (>= 0.18.1)
    guard-compat (1.2.1)
    guard-puma (0.8.0)
      guard (~> 2.14)
      guard-compat (~> 1.2)
      puma (>= 4.0, < 7)
    hanami (2.0.0.beta4)
      bundler (>= 1.16, < 3)
      dry-configurable (~> 0.16, >= 0.16.1)
      dry-core (~> 0.9, >= 0.9.1)
      dry-inflector (~> 0.2, >= 0.2.1)
      dry-monitor (~> 0.7, >= 0.7)
      dry-system (~> 0.27, >= 0.27.2)
      hanami-cli (~> 2.0.beta)
      hanami-utils (~> 2.0.beta)
      zeitwerk (~> 2.6)
    hanami-cli (2.0.0.beta4)
      bundler (~> 2.1)
      dry-cli (~> 0.7)
      dry-files (~> 0.3, >= 0.3.0)
      dry-inflector (~> 0.2)
      rake (~> 13.0)
    hanami-controller (2.0.0.beta4)
      dry-configurable (~> 0.13, >= 0.13.0)
      hanami-utils (~> 2.0.beta)
      rack (~> 2.0)
    hanami-reloader (1.0.0.beta4)
      hanami-cli (~> 2.0.beta)
    hanami-router (2.0.0.beta4)
      mustermann (~> 1.0)
      mustermann-contrib (~> 1.0)
      rack (~> 2.0)
    hanami-rspec (3.11.0.beta4)
      hanami-cli (~> 2.0.0.beta)
      rake (~> 13.0)
      rspec (~> 3.11)
    hanami-utils (2.0.0.beta1)
      concurrent-ruby (~> 1.0)
      dry-transformer (~> 0.1)
    hansi (0.2.1)
    ice_nine (0.11.2)
    listen (3.7.1)
      rb-fsevent (~> 0.10, >= 0.10.3)
      rb-inotify (~> 0.9, >= 0.9.10)
    lumberjack (1.2.8)
    method_source (1.0.0)
    mustermann (1.1.2)
      ruby2_keywords (~> 0.0.1)
    mustermann-contrib (1.1.2)
      hansi (~> 0.2.0)
      mustermann (= 1.1.2)
    nenv (0.3.0)
    nio4r (2.5.8)
    notiffany (0.1.3)
      nenv (~> 0.1)
      shellany (~> 0.0)
    phlex (0.4.0)
      syntax_tree (~> 3.6)
      zeitwerk (~> 2.6)
    prettier_print (1.0.2)
    pry (0.14.1)
      coderay (~> 1.1)
      method_source (~> 1.0)
    puma (6.0.0)
      nio4r (~> 2.0)
    rack (2.2.4)
    rack-test (2.0.2)
      rack (>= 1.3)
    rake (13.0.6)
    rb-fsevent (0.11.2)
    rb-inotify (0.10.1)
      ffi (~> 1.0)
    rom (5.2.6)
      rom-changeset (~> 5.2, >= 5.2.3)
      rom-core (~> 5.2, >= 5.2.5)
      rom-repository (~> 5.2, >= 5.2.2)
    rom-changeset (5.2.3)
      dry-core (~> 0.4)
      rom-core (~> 5.2)
      transproc (~> 1.0, >= 1.1.0)
    rom-core (5.2.6)
      concurrent-ruby (~> 1.1)
      dry-container (~> 0.7)
      dry-core (~> 0.4)
      dry-equalizer (~> 0.2)
      dry-inflector (~> 0.1)
      dry-initializer (~> 3.0, >= 3.0.1)
      dry-struct (~> 1.0)
      dry-types (~> 1.0)
      transproc (~> 1.0, >= 1.1.0)
    rom-repository (5.2.2)
      dry-core (~> 0.4)
      dry-initializer (~> 3.0, >= 3.0.1)
      rom-core (~> 5.2, >= 5.2.2)
    rom-sql (3.5.0)
      dry-core (~> 0.5, >= 0.5)
      dry-types (~> 1.0)
      rom (~> 5.2, >= 5.2.1)
      sequel (>= 4.49)
    rspec (3.12.0)
      rspec-core (~> 3.12.0)
      rspec-expectations (~> 3.12.0)
      rspec-mocks (~> 3.12.0)
    rspec-core (3.12.0)
      rspec-support (~> 3.12.0)
    rspec-expectations (3.12.0)
      diff-lcs (>= 1.2.0, < 2.0)
      rspec-support (~> 3.12.0)
    rspec-mocks (3.12.0)
      diff-lcs (>= 1.2.0, < 2.0)
      rspec-support (~> 3.12.0)
    rspec-support (3.12.0)
    ruby2_keywords (0.0.5)
    sequel (5.61.0)
    shellany (0.0.1)
    sqlite3 (1.5.3-x86_64-linux)
    syntax_tree (3.6.3)
      prettier_print
    thor (1.2.1)
    transproc (1.1.1)
    zeitwerk (2.6.1)

PLATFORMS
  x86_64-linux

DEPENDENCIES
  dotenv (~> 2.7)
  dry-types (~> 1.6)
  guard-puma
  hanami (~> 2.0.0.beta)
  hanami-controller (~> 2.0.0.beta)
  hanami-reloader
  hanami-router (~> 2.0.0.beta)
  hanami-rspec
  phlex
  puma
  rack-test
  rake
  rom-sql (~> 3.5)
  sqlite3 (~> 1.5)

BUNDLED WITH
   2.3.24
